GEM
  remote: https://rubygems.org/
  specs:
    actioncable (8.0.0)
      actionpack (= 8.0.0)
      activesupport (= 8.0.0)
      nio4r (~> 2.0)
      websocket-driver (>= 0.6.1)
      zeitwerk (~> 2.6)
    actionmailbox (8.0.0)
      actionpack (= 8.0.0)
      activejob (= 8.0.0)
      activerecord (= 8.0.0)
      activestorage (= 8.0.0)
      activesupport (= 8.0.0)
      mail (>= 2.8.0)
    actionmailer (8.0.0)
      actionpack (= 8.0.0)
      actionview (= 8.0.0)
      activejob (= 8.0.0)
      activesupport (= 8.0.0)
      mail (>= 2.8.0)
      rails-dom-testing (~> 2.2)
    actionpack (8.0.0)
      actionview (= 8.0.0)
      activesupport (= 8.0.0)
      nokogiri (>= 1.8.5)
      rack (>= 2.2.4)
      rack-session (>= 1.0.1)
      rack-test (>= 0.6.3)
      rails-dom-testing (~> 2.2)
      rails-html-sanitizer (~> 1.6)
      useragent (~> 0.16)
    actiontext (8.0.0)
      actionpack (= 8.0.0)
      activerecord (= 8.0.0)
      activestorage (= 8.0.0)
      activesupport (= 8.0.0)
      globalid (>= 0.6.0)
      nokogiri (>= 1.8.5)
    actionview (8.0.0)
      activesupport (= 8.0.0)
      builder (~> 3.1)
      erubi (~> 1.11)
      rails-dom-testing (~> 2.2)
      rails-html-sanitizer (~> 1.6)
    activejob (8.0.0)
      activesupport (= 8.0.0)
      globalid (>= 0.3.6)
    activemodel (8.0.0)
      activesupport (= 8.0.0)
    activerecord (8.0.0)
      activemodel (= 8.0.0)
      activesupport (= 8.0.0)
      timeout (>= 0.4.0)
    activestorage (8.0.0)
      actionpack (= 8.0.0)
      activejob (= 8.0.0)
      activerecord (= 8.0.0)
      activesupport (= 8.0.0)
      marcel (~> 1.0)
    activesupport (8.0.0)
      base64
      benchmark (>= 0.3)
      bigdecimal
      concurrent-ruby (~> 1.0, >= 1.3.1)
      connection_pool (>= 2.2.5)
      drb
      i18n (>= 1.6, < 2)
      logger (>= 1.4.2)
      minitest (>= 5.1)
      securerandom (>= 0.3)
      tzinfo (~> 2.0, >= 2.0.5)
      uri (>= 0.13.1)
    addressable (2.8.7)
      public_suffix (>= 2.0.2, < 7.0)
    ast (2.4.2)
    autoprefixer-rails (10.4.19.0)
      execjs (~> 2)
    base64 (0.2.0)
    benchmark (0.4.0)
    bigdecimal (3.1.8)
    bindex (0.8.1)
    bootsnap (1.18.4)
      msgpack (~> 1.2)
    bootstrap (5.3.3)
      autoprefixer-rails (>= 9.1.0)
      popper_js (>= 2.11.8, < 3)
    brakeman (6.2.2)
      racc
    builder (3.3.0)
    capybara (3.40.0)
      addressable
      matrix
      mini_mime (>= 0.1.3)
      nokogiri (~> 1.11)
      rack (>= 1.6.0)
      rack-test (>= 0.6.3)
      regexp_parser (>= 1.5, < 3.0)
      xpath (~> 3.2)
    concurrent-ruby (1.3.4)
    connection_pool (2.4.1)
    crass (1.0.6)
    date (3.4.0)
    debug (1.9.2)
      irb (~> 1.10)
      reline (>= 0.3.8)
    dotenv (3.1.8)
    dotenv-rails (3.1.8)
      dotenv (= 3.1.8)
      railties (>= 6.1)
    drb (2.2.1)
    error_highlight (0.6.0)
    erubi (1.13.0)
    execjs (2.10.0)
    faraday (2.14.0)
      faraday-net_http (>= 2.0, < 3.5)
      json
      logger
    faraday-net_http (3.4.1)
      net-http (>= 0.5.0)
    faraday-retry (2.3.2)
      faraday (~> 2.0)
    ffi (1.17.0-aarch64-linux-gnu)
    ffi (1.17.0-aarch64-linux-musl)
    ffi (1.17.0-arm-linux-gnu)
    ffi (1.17.0-arm-linux-musl)
    ffi (1.17.0-arm64-darwin)
    ffi (1.17.0-x86-linux-gnu)
    ffi (1.17.0-x86-linux-musl)
    ffi (1.17.0-x86_64-darwin)
    ffi (1.17.0-x86_64-linux-gnu)
    ffi (1.17.0-x86_64-linux-musl)
    gapic-common (1.2.0)
      faraday (>= 1.9, < 3.a)
      faraday-retry (>= 1.0, < 3.a)
      google-cloud-env (~> 2.2)
      google-logging-utils (~> 0.1)
      google-protobuf (~> 4.26)
      googleapis-common-protos (~> 1.6)
      googleapis-common-protos-types (~> 1.15)
      googleauth (~> 1.12)
      grpc (~> 1.66)
    globalid (1.2.1)
      activesupport (>= 6.1)
    google-analytics-data (0.7.2)
      google-analytics-data-v1beta (>= 0.11, < 2.a)
      google-cloud-core (~> 1.6)
    google-analytics-data-v1beta (0.18.0)
      gapic-common (~> 1.2)
      google-cloud-errors (~> 1.0)
    google-cloud-core (1.8.0)
      google-cloud-env (>= 1.0, < 3.a)
      google-cloud-errors (~> 1.0)
    google-cloud-env (2.3.1)
      base64 (~> 0.2)
      faraday (>= 1.0, < 3.a)
    google-cloud-errors (1.5.0)
    google-logging-utils (0.2.0)
    google-protobuf (4.32.1)
      bigdecimal
      rake (>= 13)
    google-protobuf (4.32.1-aarch64-linux-gnu)
      bigdecimal
      rake (>= 13)
    google-protobuf (4.32.1-aarch64-linux-musl)
      bigdecimal
      rake (>= 13)
    google-protobuf (4.32.1-arm64-darwin)
      bigdecimal
      rake (>= 13)
    google-protobuf (4.32.1-x86-linux-gnu)
      bigdecimal
      rake (>= 13)
    google-protobuf (4.32.1-x86-linux-musl)
      bigdecimal
      rake (>= 13)
    google-protobuf (4.32.1-x86_64-darwin)
      bigdecimal
      rake (>= 13)
    google-protobuf (4.32.1-x86_64-linux-gnu)
      bigdecimal
      rake (>= 13)
    google-protobuf (4.32.1-x86_64-linux-musl)
      bigdecimal
      rake (>= 13)
    googleapis-common-protos (1.9.0)
      google-protobuf (~> 4.26)
      googleapis-common-protos-types (~> 1.21)
      grpc (~> 1.41)
    googleapis-common-protos-types (1.21.0)
      google-protobuf (~> 4.26)
    googleauth (1.15.0)
      faraday (>= 1.0, < 3.a)
      google-cloud-env (~> 2.2)
      google-logging-utils (~> 0.1)
      jwt (>= 1.4, < 4.0)
      multi_json (~> 1.11)
      os (>= 0.9, < 2.0)
      signet (>= 0.16, < 2.a)
    grpc (1.75.0)
      google-protobuf (>= 3.25, < 5.0)
      googleapis-common-protos-types (~> 1.0)
    grpc (1.75.0-aarch64-linux-gnu)
      google-protobuf (>= 3.25, < 5.0)
      googleapis-common-protos-types (~> 1.0)
    grpc (1.75.0-aarch64-linux-musl)
      google-protobuf (>= 3.25, < 5.0)
      googleapis-common-protos-types (~> 1.0)
    grpc (1.75.0-arm64-darwin)
      google-protobuf (>= 3.25, < 5.0)
      googleapis-common-protos-types (~> 1.0)
    grpc (1.75.0-x86-linux-gnu)
      google-protobuf (>= 3.25, < 5.0)
      googleapis-common-protos-types (~> 1.0)
    grpc (1.75.0-x86-linux-musl)
      google-protobuf (>= 3.25, < 5.0)
      googleapis-common-protos-types (~> 1.0)
    grpc (1.75.0-x86_64-darwin)
      google-protobuf (>= 3.25, < 5.0)
      googleapis-common-protos-types (~> 1.0)
    grpc (1.75.0-x86_64-linux-gnu)
      google-protobuf (>= 3.25, < 5.0)
      googleapis-common-protos-types (~> 1.0)
    grpc (1.75.0-x86_64-linux-musl)
      google-protobuf (>= 3.25, < 5.0)
      googleapis-common-protos-types (~> 1.0)
    i18n (1.14.6)
      concurrent-ruby (~> 1.0)
    importmap-rails (2.0.3)
      actionpack (>= 6.0.0)
      activesupport (>= 6.0.0)
      railties (>= 6.0.0)
    io-console (0.7.2)
    irb (1.14.1)
      rdoc (>= 4.0.0)
      reline (>= 0.4.2)
    jbuilder (2.13.0)
      actionview (>= 5.0.0)
      activesupport (>= 5.0.0)
    json (2.8.2)
    jwt (3.1.2)
      base64
    language_server-protocol (3.17.0.3)
    libv8-node (18.19.0.0)
    libv8-node (18.19.0.0-aarch64-linux)
    libv8-node (18.19.0.0-aarch64-linux-musl)
    libv8-node (18.19.0.0-arm64-darwin)
    libv8-node (18.19.0.0-x86_64-darwin)
    libv8-node (18.19.0.0-x86_64-linux)
    libv8-node (18.19.0.0-x86_64-linux-musl)
    logger (1.6.1)
    loofah (2.23.1)
      crass (~> 1.0.2)
      nokogiri (>= 1.12.0)
    mail (2.8.1)
      mini_mime (>= 0.1.1)
      net-imap
      net-pop
      net-smtp
    marcel (1.0.4)
    matrix (0.4.2)
    mini_mime (1.1.5)
    mini_racer (0.16.0)
      libv8-node (~> 18.19.0.0)
    minitest (5.25.1)
    msgpack (1.7.5)
    multi_json (1.17.0)
    net-http (0.6.0)
      uri
    net-imap (0.5.1)
      date
      net-protocol
    net-pop (0.1.2)
      net-protocol
    net-protocol (0.2.2)
      timeout
    net-smtp (0.5.0)
      net-protocol
    nio4r (2.7.4)
    nokogiri (1.16.7-aarch64-linux)
      racc (~> 1.4)
    nokogiri (1.16.7-arm-linux)
      racc (~> 1.4)
    nokogiri (1.16.7-arm64-darwin)
      racc (~> 1.4)
    nokogiri (1.16.7-x86-linux)
      racc (~> 1.4)
    nokogiri (1.16.7-x86_64-darwin)
      racc (~> 1.4)
    nokogiri (1.16.7-x86_64-linux)
      racc (~> 1.4)
    os (1.1.4)
    parallel (1.26.3)
    parser (3.3.6.0)
      ast (~> 2.4.1)
      racc
    pg (1.5.9)
    popper_js (2.11.8)
    psych (5.2.0)
      stringio
    public_suffix (6.0.1)
    puma (6.4.3)
      nio4r (~> 2.0)
    racc (1.8.1)
    rack (3.1.8)
    rack-cors (2.0.2)
      rack (>= 2.0.0)
    rack-session (2.0.0)
      rack (>= 3.0.0)
    rack-test (2.1.0)
      rack (>= 1.3)
    rackup (2.2.1)
      rack (>= 3)
    rails (8.0.0)
      actioncable (= 8.0.0)
      actionmailbox (= 8.0.0)
      actionmailer (= 8.0.0)
      actionpack (= 8.0.0)
      actiontext (= 8.0.0)
      actionview (= 8.0.0)
      activejob (= 8.0.0)
      activemodel (= 8.0.0)
      activerecord (= 8.0.0)
      activestorage (= 8.0.0)
      activesupport (= 8.0.0)
      bundler (>= 1.15.0)
      railties (= 8.0.0)
    rails-dom-testing (2.2.0)
      activesupport (>= 5.0.0)
      minitest
      nokogiri (>= 1.6)
    rails-html-sanitizer (1.6.0)
      loofah (~> 2.21)
      nokogiri (~> 1.14)
    railties (8.0.0)
      actionpack (= 8.0.0)
      activesupport (= 8.0.0)
      irb (~> 1.13)
      rackup (>= 1.0.0)
      rake (>= 12.2)
      thor (~> 1.0, >= 1.2.2)
      zeitwerk (~> 2.6)
    rainbow (3.1.1)
    rake (13.2.1)
    rdoc (6.8.1)
      psych (>= 4.0.0)
    regexp_parser (2.9.2)
    reline (0.5.11)
      io-console (~> 0.5)
    rexml (3.3.9)
    rubocop (1.68.0)
      json (~> 2.3)
      language_server-protocol (>= 3.17.0)
      parallel (~> 1.10)
      parser (>= 3.3.0.2)
      rainbow (>= 2.2.2, < 4.0)
      regexp_parser (>= 2.4, < 3.0)
      rubocop-ast (>= 1.32.2, < 2.0)
      ruby-progressbar (~> 1.7)
      unicode-display_width (>= 2.4.0, < 3.0)
    rubocop-ast (1.36.1)
      parser (>= 3.3.1.0)
    rubocop-minitest (0.36.0)
      rubocop (>= 1.61, < 2.0)
      rubocop-ast (>= 1.31.1, < 2.0)
    rubocop-performance (1.23.0)
      rubocop (>= 1.48.1, < 2.0)
      rubocop-ast (>= 1.31.1, < 2.0)
    rubocop-rails (2.27.0)
      activesupport (>= 4.2.0)
      rack (>= 1.1)
      rubocop (>= 1.52.0, < 2.0)
      rubocop-ast (>= 1.31.1, < 2.0)
    rubocop-rails-omakase (1.0.0)
      rubocop
      rubocop-minitest
      rubocop-performance
      rubocop-rails
    ruby-progressbar (1.13.0)
    rubyzip (2.3.2)
    sassc (2.4.0)
      ffi (~> 1.9)
    sassc-rails (2.1.2)
      railties (>= 4.0.0)
      sassc (>= 2.0)
      sprockets (> 3.0)
      sprockets-rails
      tilt
    securerandom (0.3.2)
    selenium-webdriver (4.26.0)
      base64 (~> 0.2)
      logger (~> 1.4)
      rexml (~> 3.2, >= 3.2.5)
      rubyzip (>= 1.2.2, < 3.0)
      websocket (~> 1.0)
    signet (0.21.0)
      addressable (~> 2.8)
      faraday (>= 0.17.5, < 3.a)
      jwt (>= 1.5, < 4.0)
      multi_json (~> 1.10)
    sprockets (4.2.1)
      concurrent-ruby (~> 1.0)
      rack (>= 2.2.4, < 4)
    sprockets-rails (3.5.2)
      actionpack (>= 6.1)
      activesupport (>= 6.1)
      sprockets (>= 3.0.0)
    stimulus-rails (1.3.4)
      railties (>= 6.0.0)
    stringio (3.1.2)
    terser (1.2.4)
      execjs (>= 0.3.0, < 3)
    thor (1.3.2)
    tilt (2.4.0)
    timeout (0.4.2)
    turbo-rails (2.0.11)
      actionpack (>= 6.0.0)
      railties (>= 6.0.0)
    tzinfo (2.0.6)
      concurrent-ruby (~> 1.0)
    unicode-display_width (2.6.0)
    uri (1.0.2)
    useragent (0.16.10)
    web-console (4.2.1)
      actionview (>= 6.0.0)
      activemodel (>= 6.0.0)
      bindex (>= 0.4.0)
      railties (>= 6.0.0)
    webrick (1.9.1)
    websocket (1.2.11)
    websocket-driver (0.7.6)
      websocket-extensions (>= 0.1.0)
    websocket-extensions (0.1.5)
    xpath (3.2.0)
      nokogiri (~> 1.8)
    zeitwerk (2.7.1)

PLATFORMS
  aarch64-linux
  aarch64-linux-gnu
  aarch64-linux-musl
  arm-linux
  arm-linux-gnu
  arm-linux-musl
  arm64-darwin
  x86-linux
  x86-linux-gnu
  x86-linux-musl
  x86_64-darwin
  x86_64-linux
  x86_64-linux-gnu
  x86_64-linux-musl

DEPENDENCIES
  bootsnap
  bootstrap (~> 5.3.0)
  brakeman
  capybara
  debug
  dotenv-rails
  error_highlight (>= 0.4.0)
  google-analytics-data
  googleauth
  importmap-rails
  jbuilder
  mini_racer
  pg
  puma (>= 5.0)
  rack-cors
  rails (~> 8.0.0)
  rubocop-rails-omakase
  sassc-rails
  selenium-webdriver
  sprockets-rails
  stimulus-rails
  terser
  turbo-rails
  tzinfo-data
  web-console
  webrick

BUNDLED WITH
   2.5.23
